PATH
  remote: .
  specs:
    http2 (0.0.32)
      string-cases (~> 0)

GEM
  remote: http://rubygems.org/
  specs:
    ast (2.4.0)
    auto_autoloader (0.0.5)
      string-cases
    best_practice_project (0.0.10)
      auto_autoloader (>= 0.0.5)
    datet (0.0.25)
    diff-lcs (1.3)
    erubis (2.7.0)
    hayabusa (0.0.28)
      datet
      erubis
      http2
      knjrbfw (= 0.0.110)
      mail
      ruby_process
      tpool
      wref (= 0.0.6)
    jaro_winkler (1.5.2)
    knjrbfw (0.0.110)
      datet
      http2
      php4r
      ruby_process
      tsafe
      wref
    mail (2.7.1)
      mini_mime (>= 0.1.1)
    mini_mime (1.0.1)
    parallel (1.17.0)
    parser (2.6.3.0)
      ast (~> 2.4.0)
    php4r (0.0.4)
      datet
      http2
      string-strtr
    rainbow (3.0.0)
    rake (12.3.2)
    rdoc (6.1.1)
    rspec (3.8.0)
      rspec-core (~> 3.8.0)
      rspec-expectations (~> 3.8.0)
      rspec-mocks (~> 3.8.0)
    rspec-core (3.8.0)
      rspec-support (~> 3.8.0)
    rspec-expectations (3.8.2)
      diff-lcs (>= 1.2.0, < 2.0)
      rspec-support (~> 3.8.0)
    rspec-mocks (3.8.0)
      diff-lcs (>= 1.2.0, < 2.0)
      rspec-support (~> 3.8.0)
    rspec-support (3.8.0)
    rubocop (0.69.0)
      jaro_winkler (~> 1.5.1)
      parallel (~> 1.10)
      parser (>= 2.6)
      rainbow (>= 2.2.2, < 4.0)
      ruby-progressbar (~> 1.7)
      unicode-display_width (>= 1.4.0, < 1.7)
    ruby-progressbar (1.10.0)
    ruby_process (0.0.13)
      string-cases
      tsafe
      wref
    sqlite3 (1.4.1)
    string-cases (0.0.4)
    string-strtr (0.0.3)
    tpool (0.0.4)
    tsafe (0.0.12)
    unicode-display_width (1.6.0)
    wref (0.0.6)

PLATFORMS
  ruby

DEPENDENCIES
  best_practice_project
  bundler (>= 1.0.0)
  hayabusa (~> 0.0.28)
  http2!
  rake
  rdoc
  rspec
  rubocop
  sqlite3

BUNDLED WITH
   1.16.6
