PATH
  remote: .
  specs:
    http2 (0.0.29)
      string-cases
      thread_queues (>= 0.0.2)

PATH
  remote: /home/kaspernj/Dev/Ruby/thread_queues
  specs:
    thread_queues (0.0.3)
      string-cases

GEM
  remote: http://rubygems.org/
  specs:
    codeclimate-test-reporter (0.4.2)
      simplecov (>= 0.7.1, < 1.0.0)
    datet (0.0.25)
    diff-lcs (1.1.3)
    docile (1.1.5)
    erubis (2.7.0)
    hayabusa (0.0.25)
      datet
      erubis
      http2
      knjrbfw
      mail
      ruby_process
      tpool
    json (1.8.1)
    knjrbfw (0.0.110)
      datet
      http2
      php4r
      ruby_process
      tsafe
      wref
    mail (2.6.3)
      mime-types (>= 1.16, < 3)
    mime-types (2.4.3)
    multi_json (1.10.1)
    php4r (0.0.4)
      datet
      http2
      string-strtr
    rake (10.4.2)
    rdoc (3.12.2)
      json (~> 1.4)
    rspec (2.8.0)
      rspec-core (~> 2.8.0)
      rspec-expectations (~> 2.8.0)
      rspec-mocks (~> 2.8.0)
    rspec-core (2.8.0)
    rspec-expectations (2.8.0)
      diff-lcs (~> 1.1.2)
    rspec-mocks (2.8.0)
    ruby_process (0.0.9)
      tsafe
      wref
    simplecov (0.9.1)
      docile (~> 1.1.0)
      multi_json (~> 1.0)
      simplecov-html (~> 0.8.0)
    simplecov-html (0.8.0)
    sqlite3 (1.3.10)
    string-cases (0.0.0)
    string-strtr (0.0.3)
    tpool (0.0.4)
    tsafe (0.0.11)
    wref (0.0.6)
    yajl-ruby (1.2.1)

PLATFORMS
  ruby

DEPENDENCIES
  bundler (>= 1.0.0)
  codeclimate-test-reporter
  hayabusa (>= 0.0.25)
  http2!
  rake
  rdoc (~> 3.12)
  rspec (~> 2.8.0)
  sqlite3
  thread_queues!
  yajl-ruby
