PATH
  remote: .
  specs:
    http2 (0.0.35)
      string-cases (~> 0)

GEM
  remote: http://rubygems.org/
  specs:
    ast (2.4.2)
    auto_autoloader (0.0.5)
      string-cases
    best_practice_project (0.0.11)
      auto_autoloader (>= 0.0.5)
    datet (0.0.25)
    diff-lcs (1.4.4)
    erubis (2.7.0)
    hayabusa (0.0.28)
      datet
      erubis
      http2
      knjrbfw (= 0.0.110)
      mail
      ruby_process
      tpool
      wref (= 0.0.6)
    json (2.5.1)
    knjrbfw (0.0.110)
      datet
      http2
      php4r
      ruby_process
      tsafe
      wref
    mail (2.7.1)
      mini_mime (>= 0.1.1)
    mini_mime (1.0.1)
    parallel (1.21.0)
    parser (3.0.2.0)
      ast (~> 2.4.1)
    php4r (0.0.4)
      datet
      http2
      string-strtr
    rainbow (3.0.0)
    rake (13.0.6)
    rdoc (6.3.2)
    regexp_parser (2.1.1)
    rexml (3.2.5)
    rspec (3.10.0)
      rspec-core (~> 3.10.0)
      rspec-expectations (~> 3.10.0)
      rspec-mocks (~> 3.10.0)
    rspec-core (3.10.0)
      rspec-support (~> 3.10.0)
    rspec-expectations (3.10.0)
      diff-lcs (>= 1.2.0, < 2.0)
      rspec-support (~> 3.10.0)
    rspec-mocks (3.10.0)
      diff-lcs (>= 1.2.0, < 2.0)
      rspec-support (~> 3.10.0)
    rspec-support (3.10.0)
    rubocop (1.22.0)
      parallel (~> 1.10)
      parser (>= 3.0.0.0)
      rainbow (>= 2.2.2, < 4.0)
      regexp_parser (>= 1.8, < 3.0)
      rexml
      rubocop-ast (>= 1.12.0, < 2.0)
      ruby-progressbar (~> 1.7)
      unicode-display_width (>= 1.4.0, < 3.0)
    rubocop-ast (1.12.0)
      parser (>= 3.0.1.1)
    ruby-progressbar (1.11.0)
    ruby_process (0.0.13)
      string-cases
      tsafe
      wref
    sqlite3 (1.4.2)
    string-cases (0.0.4)
    string-strtr (0.0.3)
    tpool (0.0.4)
    tsafe (0.0.12)
    unicode-display_width (2.1.0)
    wref (0.0.6)

PLATFORMS
  ruby

DEPENDENCIES
  best_practice_project
  bundler (>= 1.0.0)
  hayabusa (~> 0.0.28)
  http2!
  json
  rake
  rdoc
  rspec
  rubocop
  sqlite3

BUNDLED WITH
   2.2.28
